PATH
  remote: .
  specs:
    mongo-ejson (0.2.0)

GEM
  remote: https://rubygems.org/
  specs:
    bson (4.4.2)
    bson (4.4.2-java)
    diff-lcs (1.3)
    rake (10.5.0)
    rspec (3.8.0)
      rspec-core (~> 3.8.0)
      rspec-expectations (~> 3.8.0)
      rspec-mocks (~> 3.8.0)
    rspec-core (3.8.0)
      rspec-support (~> 3.8.0)
    rspec-expectations (3.8.2)
      diff-lcs (>= 1.2.0, < 2.0)
      rspec-support (~> 3.8.0)
    rspec-mocks (3.8.0)
      diff-lcs (>= 1.2.0, < 2.0)
      rspec-support (~> 3.8.0)
    rspec-support (3.8.0)

PLATFORMS
  java
  ruby

DEPENDENCIES
  bson
  bundler (~> 2.0)
  mongo-ejson!
  rake (~> 10.0)
  rspec (~> 3.0)

BUNDLED WITH
   2.0.1
